GIT
  remote: git://github.com/freelancing-god/thinking-sphinx.git
  revision: 849d0fe4ad496ca6d8462d264e82029e91a45353
  branch: rails3
  specs:
    thinking-sphinx (2.0.2)
      activerecord (>= 3.0.3)
      riddle (>= 1.2.2)

GEM
  remote: http://rubygems.org/
  specs:
    abstract (1.0.0)
    actionmailer (3.0.5)
      actionpack (= 3.0.5)
      mail (~> 2.2.15)
    actionpack (3.0.5)
      activemodel (= 3.0.5)
      activesupport (= 3.0.5)
      builder (~> 2.1.2)
      erubis (~> 2.6.6)
      i18n (~> 0.4)
      rack (~> 1.2.1)
      rack-mount (~> 0.6.13)
      rack-test (~> 0.5.7)
      tzinfo (~> 0.3.23)
    activemodel (3.0.5)
      activesupport (= 3.0.5)
      builder (~> 2.1.2)
      i18n (~> 0.4)
    activerecord (3.0.5)
      activemodel (= 3.0.5)
      activesupport (= 3.0.5)
      arel (~> 2.0.2)
      tzinfo (~> 0.3.23)
    activeresource (3.0.5)
      activemodel (= 3.0.5)
      activesupport (= 3.0.5)
    activesupport (3.0.5)
    arel (2.0.9)
    builder (2.1.2)
    daemons (1.0.10)
    erubis (2.6.6)
      abstract (>= 1.0.0)
    gem_plugin (0.2.3)
    i18n (0.5.0)
    jquery-rails (0.2.6)
      rails (~> 3.0)
      thor (~> 0.14.4)
    json_pure (1.5.1)
    kgio (2.2.0)
    mail (2.2.15)
      activesupport (>= 2.3.6)
      i18n (>= 0.4.0)
      mime-types (~> 1.16)
      treetop (~> 1.4.8)
    mime-types (1.16)
    mongrel (1.2.0.pre2)
      daemons (~> 1.0.10)
      gem_plugin (~> 0.2.3)
    mongrel_cluster (1.0.5)
      gem_plugin (>= 0.2.3)
      mongrel (>= 1.0.2)
    mysql2 (0.2.6)
    polyglot (0.3.1)
    rack (1.2.1)
    rack-mount (0.6.13)
      rack (>= 1.0.0)
    rack-test (0.5.7)
      rack (>= 1.0)
    rails (3.0.5)
      actionmailer (= 3.0.5)
      actionpack (= 3.0.5)
      activerecord (= 3.0.5)
      activeresource (= 3.0.5)
      activesupport (= 3.0.5)
      bundler (~> 1.0)
      railties (= 3.0.5)
    railties (3.0.5)
      actionpack (= 3.0.5)
      activesupport (= 3.0.5)
      rake (>= 0.8.7)
      thor (~> 0.14.4)
    rake (0.8.7)
    riddle (1.2.2)
    rpx_now (0.6.23)
      json_pure
    thor (0.14.6)
    treetop (1.4.9)
      polyglot (>= 0.3.1)
    tzinfo (0.3.24)
    unicorn (3.4.0)
      kgio (~> 2.2)
      rack
    will_paginate (3.0.pre2)

PLATFORMS
  ruby

DEPENDENCIES
  jquery-rails
  mongrel (= 1.2.0.pre2)
  mongrel_cluster
  mysql2
  rails (= 3.0.5)
  rpx_now
  thinking-sphinx!
  unicorn
  will_paginate (~> 3.0.pre)
